GEM
  remote: http://rubygems.org/
  specs:
    childprocess (0.2.4)
      ffi (~> 1.0.6)
    daemons (1.1.5)
    diff-lcs (1.1.3)
    eventmachine (0.12.10)
    ffi (1.0.11)
    jasmine (1.1.2)
      jasmine-core (>= 1.1.0)
      rack (>= 1.1)
      rspec (>= 1.3.1)
      selenium-webdriver (>= 0.1.3)
    jasmine-core (1.1.0)
    multi_json (1.0.4)
    rack (1.4.0)
    rack-protection (1.1.4)
      rack
    rspec (2.7.0)
      rspec-core (~> 2.7.0)
      rspec-expectations (~> 2.7.0)
      rspec-mocks (~> 2.7.0)
    rspec-core (2.7.1)
    rspec-expectations (2.7.0)
      diff-lcs (~> 1.1.2)
    rspec-mocks (2.7.0)
    rubyzip (0.9.5)
    selenium-webdriver (2.15.0)
      childprocess (>= 0.2.1)
      ffi (~> 1.0.9)
      multi_json (~> 1.0.4)
      rubyzip
    sinatra (1.3.1)
      rack (~> 1.3, >= 1.3.4)
      rack-protection (~> 1.1, >= 1.1.2)
      tilt (~> 1.3, >= 1.3.3)
    thin (1.3.1)
      daemons (>= 1.0.9)
      eventmachine (>= 0.12.6)
      rack (>= 1.0.0)
    tilt (1.3.3)

PLATFORMS
  ruby

DEPENDENCIES
  jasmine
  sinatra
  thin
